GEM
  remote: http://rubygems.org/
  specs:
    crack (0.1.8)
    httparty (0.6.1)
      crack (= 0.1.8)
    json (1.4.6)
    rack (1.2.1)
    sequel (3.18.0)
    sinatra (1.1.2)
      rack (~> 1.1)
      tilt (~> 1.2)
    sqlite3-ruby (1.2.5)
    tilt (1.2.1)

PLATFORMS
  ruby

DEPENDENCIES
  httparty
  json
  sequel
  sinatra
  sqlite3-ruby
